PATH
  remote: ../dd-next-encounters
  specs:
    dd-next-encounters (1.0.0)
      hazard (~> 1)

GEM
  remote: https://rubygems.org/
  specs:
    docile (1.3.0)
    hazard (1.0.4)
    json (2.1.0)
    minitest (5.11.3)
    rake (12.3.1)
    rmagick (2.16.0)
    simplecov (0.16.1)
      docile (~> 1.1)
      json (>= 1.8, < 3)
      simplecov-html (~> 0.10.0)
    simplecov-html (0.10.2)

PLATFORMS
  ruby

DEPENDENCIES
  dd-next-encounters!
  hazard
  minitest
  rake
  rmagick
  simplecov

BUNDLED WITH
   1.16.1
