PATH
  remote: .
  specs:
    square-dungeon-gen (1.5.3)
      dd-next-encounters (~> 3.0, >= 3.0.1)
      hazard (~> 1.2)
      rmagick (~> 2.16)

GEM
  remote: https://rubygems.org/
  specs:
    dd-next-encounters (3.0.1)
      hazard (~> 1)
    docile (1.3.0)
    hazard (1.2.1)
    json (2.1.0)
    minitest (5.11.3)
    rake (12.3.1)
    rmagick (2.16.0)
    simplecov (0.16.1)
      docile (~> 1.1)
      json (>= 1.8, < 3)
      simplecov-html (~> 0.10.0)
    simplecov-html (0.10.2)

PLATFORMS
  ruby

DEPENDENCIES
  minitest
  rake
  simplecov
  square-dungeon-gen!

BUNDLED WITH
   1.16.1
